GEM
  remote: https://rubygems.org/
  specs:
    gosu (1.4.3)

PLATFORMS
  x64-mingw-ucrt

DEPENDENCIES
  gosu (~> 1.4, >= 1.4.3)

RUBY VERSION
   ruby 3.1.2p20

BUNDLED WITH
   2.3.25
